GEM
  remote: https://rubygems.org/
  specs:
    colorize (0.8.1)
    csv (3.0.0)

PLATFORMS
  ruby

DEPENDENCIES
  colorize
  csv

BUNDLED WITH
   1.16.3
