GEM
  remote: https://rubygems.org/
  specs:
    colorize (0.8.1)
    csv (3.0.0)
    espeak-ruby (1.0.4)
    marky_markov (0.3.5)
      msgpack
    msgpack (1.2.4)

PLATFORMS
  ruby

DEPENDENCIES
  colorize
  csv
  espeak-ruby
  marky_markov

BUNDLED WITH
   1.16.3
